GEM
  remote: http://rubygems.org/
  specs:
    ffi (1.1.5)
    ruby-inotify (1.0.2)
      ffi
    sqlite3 (1.3.6)

PLATFORMS
  ruby

DEPENDENCIES
  ruby-inotify
  sqlite3
